GEM
  remote: http://rubygems.org/
  remote: http://gems.github.com/
  specs:
    flay (1.4.2)
      ruby_parser (~> 2.0)
      sexp_processor (~> 3.0)
    flog (2.5.1)
      ruby_parser (~> 2.0)
      sexp_processor (~> 3.0)
    rake (0.9.6)
    ruby_parser (2.0.6)
      sexp_processor (~> 3.0)
    sexp_processor (3.0.5)
    simplecov (0.4.2)
      simplecov-html (~> 0.4.4)
    simplecov-html (0.4.4)

PLATFORMS
  ruby

DEPENDENCIES
  flay
  flog
  rake
  simplecov
